GEM
  remote: http://rubygems.org/
  specs:
    activemodel (3.0.20)
      activesupport (= 3.0.20)
      builder (~> 2.1.2)
      i18n (~> 0.5.0)
    activesupport (3.0.20)
    bson (1.5.0)
    bson_ext (1.5.0)
    builder (2.1.2)
    daemons (1.1.9)
    eventmachine (1.0.0)
    foreman (0.61.0)
      thor (>= 0.13.6)
    i18n (0.5.0)
    json (1.7.7)
    mongo (1.5.0)
      bson (= 1.5.0)
    mongo_mapper (0.12.0)
      activemodel (~> 3.0)
      activesupport (~> 3.0)
      plucky (~> 0.5.2)
    plucky (0.5.2)
      mongo (~> 1.5)
    rack (1.5.2)
    rack-protection (1.3.2)
      rack
    rack-test (0.6.2)
      rack (>= 1.0)
    sinatra (1.3.5)
      rack (~> 1.4)
      rack-protection (~> 1.3)
      tilt (~> 1.3, >= 1.3.3)
    thin (1.5.0)
      daemons (>= 1.0.9)
      eventmachine (>= 0.12.6)
      rack (>= 1.0.0)
    thor (0.17.0)
    tilt (1.3.3)
    timecop (0.5.9.2)

PLATFORMS
  ruby

DEPENDENCIES
  bson (= 1.5.0)
  bson_ext (= 1.5.0)
  foreman (= 0.61.0)
  i18n (= 0.5.0)
  json (= 1.7.7)
  mongo_mapper (= 0.12.0)
  rack-test (= 0.6.2)
  sinatra (= 1.3.5)
  thin (= 1.5.0)
  timecop (= 0.5.9.2)
